GEM
  remote: http://rubygems.org/
  specs:
    daemons (1.2.4)
    eventmachine (1.2.0.1)
    eventmachine (1.2.0.1-java)
    kgio (2.9.2)
    rack (1.6.4)
    rack-protection (1.5.3)
      rack
    raindrops (0.13.0)
    shotgun (0.9.1)
      rack (>= 1.0)
    sinatra (1.4.7)
      rack (~> 1.5)
      rack-protection (~> 1.4)
      tilt (>= 1.3, < 3)
    thin (1.7.0)
      daemons (~> 1.0, >= 1.0.9)
      eventmachine (~> 1.0, >= 1.0.4)
      rack (>= 1, < 3)
    tilt (2.0.5)
    unicorn (4.8.3)
      kgio (~> 2.6)
      rack
      raindrops (~> 0.7)

PLATFORMS
  java
  ruby

DEPENDENCIES
  shotgun
  sinatra
  thin
  unicorn
